PATH
  remote: ~/src/swipe_action_cell
  specs:
    swipe_action_cell (0.0.5)

GEM
  remote: https://rubygems.org/
  specs:
    rake (10.1.1)

PLATFORMS
  ruby

DEPENDENCIES
  rake
  swipe_action_cell!
